{
  "AcquisitionMatrixPE": 233,
  "AcquisitionNumber": 1,
  "AcquisitionTime": "15:57:6.167500",
  "BaseResolution": 256,
  "BodyPartExamined": "BRAIN",
  "CoilString": "HC1-7;NC1_2",
  "ConsistencyInfo": "N4_VE11C_LATEST_20160120",
  "ConversionSoftware": "dcm2niix",
  "ConversionSoftwareVersion": "v1.0.20190902",
  "DeviceSerialNumber": "167006",
  "DwellTime": 6.1e-06,
  "EchoTime": 0.00369,
  "FlipAngle": 20,
  "ImageOrientationPatientDICOM": [0, 1, 0, 0, 0, -1],
  "ImageType": [
    "ORIGINAL",
    "PRIMARY",
    "M",
    "NORM",
    "DIS2D"
],
  "ImagingFrequency": 123.259,
  "InPlanePhaseEncodingDirectionDICOM": "ROW",
  "InstitutionAddress": "Chemin_Queen-Mary_4565_Montreal_District_CA_H3W_1W5",
  "InstitutionName": "IUGM",
  "InstitutionalDepartmentName": "Department",
  "Interpolation2D": 1,
  "MRAcquisitionType": "2D",
  "MagneticFieldStrength": 3,
  "Manufacturer": "Siemens",
  "ManufacturersModelName": "Prisma_fit",
  "Modality": "MR",
  "NumberOfAverages": 2,
  "PartialFourier": 1,
  "PatientPosition": "HFS",
  "PercentPhaseFOV": 100,
  "PhaseEncodingDirection": "i",
  "PhaseEncodingSteps": 233,
  "PhaseResolution": 0.91,
  "PixelBandwidth": 320,
  "ProcedureStepDescription": "language_harrypotter",
  "ProtocolName": "localizer",
  "PulseSequenceDetails": "%SiemensSeq%_gre",
  "ReceiveCoilActiveElements": "HC1-7;NC1,2",
  "ReceiveCoilName": "HeadNeck_64",
  "ReconMatrixPE": 512,
  "RepetitionTime": 0.0075,
  "SAR": 0.026174,
  "ScanningSequence": "GR",
  "SequenceName": "_fl2d1",
  "SequenceVariant": "SP_OSP",
  "SeriesDescription": "localizer",
  "SeriesNumber": 5,
  "ShimSetting": [620, -7194, -9127, 77, 28, -20, -10, -23],
  "SliceThickness": 7,
  "SliceTiming": [
 0],
  "SoftwareVersions": "syngo_MR_E11",
  "SpacingBetweenSlices": 28,
  "StationName": "MRC35049",
  "TxRefAmp": 207.814,
  "dcmmeta_affine": [
    [0.0, 0.0, 28.0, 28.0],
    [-0.48828125, 0.0, 0.0, 145.0],
    [0.0, 0.48828125, 0.0, -124.51171875],
    [0.0, 0.0, 0.0, 1.0]
],
  "dcmmeta_reorient_transform": [
    [0.0, -1.0, 0.0, 511.0],
    [1.0, 0.0, 0.0, 0.0],
    [0.0, 0.0, -1.0, 0.0],
    [0.0, 0.0, 0.0, 1.0]
],
  "dcmmeta_shape": [512, 512, 1],
  "dcmmeta_slice_dim": 2,
  "dcmmeta_version": 0.6,
  "global": {
    "const": {
      "AcquisitionMatrix": [0, 256, 233, 0],
      "AcquisitionNumber": 1,
      "AcquisitionTime": "155706.167500",
      "AngioFlag": "N",
      "BitsAllocated": 16,
      "BitsStored": 12,
      "BodyPartExamined": "BRAIN",
      "Columns": 512,
      "ContentTime": "155718.696000",
      "EchoNumbers": 1,
      "EchoTime": 3.69,
      "EchoTrainLength": 1,
      "FlipAngle": 20.0,
      "HighBit": 11,
      "ImageOrientationPatient": [0.0, 1.0, 0.0, 0.0, 0.0, -1.0],
      "ImagePositionPatient": [-28.0, -145.0, 125.0],
      "ImageType": [
        "ORIGINAL",
        "PRIMARY",
        "M",
        "NORM",
        "DIS2D"
],
      "ImagedNucleus": "1H",
      "ImagingFrequency": 123.259047,
      "InPlanePhaseEncodingDirection": "ROW",
      "InstanceCreationTime": "155718.696000",
      "InstanceNumber": 1,
      "LargestImagePixelValue": 1041,
      "MRAcquisitionType": "2D",
      "MagneticFieldStrength": 3.0,
      "Manufacturer": "SIEMENS",
      "ManufacturerModelName": "Prisma_fit",
      "Modality": "MR",
      "NumberOfAverages": 2.0,
      "NumberOfPhaseEncodingSteps": 233,
      "PercentPhaseFieldOfView": 100.0,
      "PercentSampling": 91.0,
      "PerformedProcedureStepStartTime": "153849.661000",
      "PhotometricInterpretation": "MONOCHROME2",
      "PixelBandwidth": 320.0,
      "PixelRepresentation": 0,
      "PixelSpacing": [0.48828125, 0.48828125],
      "ProtocolName": "localizer",
      "RepetitionTime": 7.5,
      "Rows": 512,
      "SAR": 0.02617402901258,
      "SamplesPerPixel": 1,
      "ScanningSequence": "GR",
      "SequenceName": "*fl2d1",
      "SequenceVariant": [
        "SP",
        "OSP"
],
      "SeriesDescription": "localizer",
      "SeriesNumber": 5,
      "SeriesTime": "155718.692000",
      "SliceLocation": -28.0,
      "SliceThickness": 7.0,
      "SmallestImagePixelValue": 0,
      "SoftwareVersions": "syngo MR E11",
      "SpacingBetweenSlices": 28.0,
      "SpecificCharacterSet": "ISO_IR 100",
      "StudyID": "1",
      "StudyTime": "153849.607000",
      "TransmitCoilName": "Body",
      "VariableFlipAngleFlag": "N",
      "WindowCenter": 279.0,
      "WindowCenterWidthExplanation": "Algo1",
      "WindowWidth": 612.0,
      "dBdt": 0.0},
    "slices": {}
  }
}