{
  "AcquisitionMatrixPE": 104,
  "AcquisitionNumber": 1,
  "AcquisitionTime": "16:41:17.765000",
  "BandwidthPerPixelPhaseEncode": 17.17,
  "BaseResolution": 104,
  "BodyPartExamined": "BRAIN",
  "CoilString": "HC1-7;NC1_2",
  "ConsistencyInfo": "N4_VE11C_LATEST_20160120",
  "ConversionSoftware": "dcm2niix",
  "ConversionSoftwareVersion": "v1.0.20190902",
  "DerivedVendorReportedEchoSpacing": 0.000560011,
  "DeviceSerialNumber": "167006",
  "DwellTime": 2.1e-06,
  "EchoTime": 0.037,
  "EchoTrainLength": 104,
  "EffectiveEchoSpacing": 0.000560011,
  "FlipAngle": 52,
  "ImageComments": "Unaliased_MB4_PE3_LB",
  "ImageOrientationPatientDICOM": [0.99931, 0.0125864, 0.0349313, -0.00593009, 0.982818, -0.184481],
  "ImageType": [
    "ORIGINAL",
    "PRIMARY",
    "M",
    "MB",
    "ND",
    "MOSAIC"
],
  "ImagingFrequency": 123.259,
  "InPlanePhaseEncodingDirectionDICOM": "COL",
  "InstitutionAddress": "Chemin_Queen-Mary_4565_Montreal_District_CA_H3W_1W5",
  "InstitutionName": "IUGM",
  "InstitutionalDepartmentName": "Department",
  "MRAcquisitionType": "2D",
  "MagneticFieldStrength": 3,
  "Manufacturer": "Siemens",
  "ManufacturersModelName": "Prisma_fit",
  "Modality": "MR",
  "MultibandAccelerationFactor": 4,
  "PartialFourier": 1,
  "PatientPosition": "HFS",
  "PercentPhaseFOV": 100,
  "PhaseEncodingDirection": "j-",
  "PhaseEncodingSteps": 104,
  "PhaseResolution": 1,
  "PixelBandwidth": 2290,
  "ProcedureStepDescription": "language_harrypotter",
  "ProtocolName": "func_AP_run-1",
  "PulseSequenceDetails": "%CustomerSeq%_cmrr_mbep2d_bold",
  "ReceiveCoilActiveElements": "HC1-7;NC1,2",
  "ReceiveCoilName": "HeadNeck_64",
  "ReconMatrixPE": 104,
  "RepetitionTime": 1.49,
  "SAR": 0.0265019,
  "ScanOptions": "FS",
  "ScanningSequence": "EP",
  "SequenceName": "epfid2d1_104",
  "SequenceVariant": "SK_SS",
  "SeriesDescription": "func_AP_run-1",
  "SeriesNumber": 25,
  "ShimSetting": [648, -7261, -8735, 682, 57, -110, 156, 10],
  "SliceThickness": 2,
  "SliceTiming": [0, 0.785, 0.0975, 0.8825, 0.195, 0.98, 0.295, 1.0775, 0.3925, 1.175, 0.49, 1.275, 0.5875, 1.3725, 0.685, 0, 0.785, 0.0975, 0.8825, 0.195, 0.98, 0.295, 1.0775, 0.3925, 1.175, 0.49, 1.275, 0.5875, 1.3725, 0.685, 0, 0.785, 0.0975, 0.8825, 0.195, 0.98, 0.295, 1.0775, 0.3925, 1.175, 0.49, 1.275, 0.5875, 1.3725, 0.685, 0, 0.785, 0.0975, 0.8825, 0.195, 0.98, 0.295, 1.0775, 0.3925, 1.175, 0.49, 1.275, 0.5875, 1.3725, 0.685],
  "SoftwareVersions": "syngo_MR_E11",
  "SpacingBetweenSlices": 2,
  "StationName": "MRC35049",
  "TotalReadoutTime": 0.0576811,
  "TxRefAmp": 210.253,
  "WipMemBlock": "1a9fe0d6-4560-4c5b-8f67-718a4a14a157||Sequence: R016 ve11c/master r/e634e98; Dec 19 2017 11:00:25 by eja",
  "dcmmeta_affine": [
    [-1.998620867729187, -0.011860180646181107, 0.07330610603094101, 107.4567642211914],
    [-0.025172797963023186, 1.9656366109848022, -0.36829230189323425, -78.15692138671875],
    [0.06986257433891296, 0.36896100640296936, 1.9644304513931274, -31.69881820678711],
    [0.0, 0.0, 0.0, 1.0]
],
  "dcmmeta_reorient_transform": [
    [0.0, -1.0, 0.0, 103.0],
    [1.0, 0.0, 0.0, 0.0],
    [0.0, 0.0, 1.0, 0.0],
    [0.0, 0.0, 0.0, 1.0]
],
  "dcmmeta_shape": [104, 104, 60, 3],
  "dcmmeta_slice_dim": 2,
  "dcmmeta_version": 0.6,
  "global": {
    "const": {
      "AcquisitionMatrix": [104, 0, 0, 104],
      "AngioFlag": "N",
      "BitsAllocated": 16,
      "BitsStored": 16,
      "BodyPartExamined": "BRAIN",
      "Columns": 832,
      "EchoNumbers": 1,
      "EchoTime": 37.0,
      "EchoTrainLength": 104,
      "FlipAngle": 52.0,
      "HighBit": 15,
      "ImageOrientationPatient": [0.99931045618796, 0.01258639865639, 0.03493128572325, -0.0059300904432, 0.98281828245012, -0.1844805076672],
      "ImagePositionPatient": [-829.41606902645, -848.95825176375, 115.17599979173],
      "ImageType": [
        "ORIGINAL",
        "PRIMARY",
        "M",
        "MB",
        "ND",
        "MOSAIC"
],
      "ImagedNucleus": "1H",
      "ImagingFrequency": 123.258947,
      "InPlanePhaseEncodingDirection": "COL",
      "MRAcquisitionType": "2D",
      "MagneticFieldStrength": 3.0,
      "Manufacturer": "SIEMENS",
      "ManufacturerModelName": "Prisma_fit",
      "Modality": "MR",
      "NumberOfAverages": 1.0,
      "NumberOfPhaseEncodingSteps": 104,
      "PercentPhaseFieldOfView": 100.0,
      "PercentSampling": 100.0,
      "PerformedProcedureStepStartTime": "153849.661000",
      "PhotometricInterpretation": "MONOCHROME2",
      "PixelBandwidth": 2290.0,
      "PixelRepresentation": 0,
      "PixelSpacing": [2.0, 2.0],
      "ProtocolName": "func_AP_run-1",
      "RepetitionTime": 1490.0,
      "Rows": 832,
      "SAR": 0.02650191693222,
      "SamplesPerPixel": 1,
      "ScanOptions": "FS",
      "ScanningSequence": "EP",
      "SequenceName": "epfid2d1_104",
      "SequenceVariant": [
        "SK",
        "SS"
],
      "SeriesDescription": "func_AP_run-1",
      "SeriesNumber": 25,
      "SeriesTime": "164209.010000",
      "SliceLocation": -12.80414710562,
      "SliceThickness": 2.0,
      "SmallestImagePixelValue": 0,
      "SoftwareVersions": "syngo MR E11",
      "SpacingBetweenSlices": 1.9999999887767,
      "SpecificCharacterSet": "ISO_IR 100",
      "StudyID": "1",
      "StudyTime": "153849.607000",
      "TransmitCoilName": "Body",
      "VariableFlipAngleFlag": "N",
      "WindowCenterWidthExplanation": "Algo1",
      "dBdt": 0.0},
    "slices": {}
  },
  "time": {
    "samples": {
      "AcquisitionNumber": [1, 2, 3],
      "AcquisitionTime": ["164117.765000", "164119.255000", "164120.745000"],
      "ContentTime": ["164209.013000", "164209.017000", "164209.020000"],
      "InstanceCreationTime": ["164209.013000", "164209.017000", "164209.020000"],
      "InstanceNumber": [1, 2, 3],
      "LargestImagePixelValue": [39771, 39154, 38467],
      "WindowCenter": [10221.0, 10196.0, 10162.0],
      "WindowWidth": [21741.0, 21665.0, 21580.0]
    },
    "slices": {}
  }
}